GIT
  remote: https://github.com/IQTHINK/time_difference
  revision: 5cf0b9ff5162919c179fab3176017b50ca75ec6f
  specs:
    time_difference (0.8.0)
      activesupport (>= 4.2.6, < 5.3)

GEM
  remote: https://rubygems.org/
  specs:
    activesupport (5.2.3)
      concurrent-ruby (~> 1.0, >= 1.0.2)
      i18n (>= 0.7, < 2)
      minitest (~> 5.1)
      tzinfo (~> 1.1)
    awesome_print (1.8.0)
    bigdecimal (1.4.4)
    coderay (1.1.2)
    concurrent-ruby (1.1.5)
    deep_merge (1.2.1)
    i18n (1.6.0)
      concurrent-ruby (~> 1.0)
    method_source (0.9.2)
    minitest (5.11.3)
    pry (0.12.2)
      coderay (~> 1.1.0)
      method_source (~> 0.9.0)
    thread_safe (0.3.6)
    tzinfo (1.2.5)
      thread_safe (~> 0.1)

PLATFORMS
  ruby

DEPENDENCIES
  activesupport
  awesome_print
  bigdecimal
  deep_merge
  pry
  time_difference!

BUNDLED WITH
   1.17.3
